GEM
  remote: https://rubygems.org/
  specs:
    bindata (2.0.0)
    bourbon (3.1.8)
      sass (>= 3.2.0)
      thor
    chunky_png (1.3.0)
    daemons (1.1.9)
    eventmachine (1.0.3)
    hashie (2.0.5)
    neat (1.5.0)
      bourbon (>= 2.1)
      sass (>= 3.2)
    newrelic_rpm (3.7.2.192)
    psd (2.0.0)
      bindata
      chunky_png
      psd-enginedata (~> 1.0)
      rake
    psd-enginedata (1.0.0)
      hashie (~> 2.0)
    rack (1.5.2)
    rack-protection (1.5.2)
      rack
    rake (10.1.1)
    sass (3.2.14)
    shotgun (0.9)
      rack (>= 1.0)
    sinatra (1.4.4)
      rack (~> 1.4)
      rack-protection (~> 1.4)
      tilt (~> 1.3, >= 1.3.4)
    thin (1.6.1)
      daemons (>= 1.0.9)
      eventmachine (>= 1.0.0)
      rack (>= 1.0.0)
    thor (0.18.1)
    tilt (1.4.1)

PLATFORMS
  ruby

DEPENDENCIES
  bourbon (~> 3.1.8)
  neat (~> 1.5.0)
  newrelic_rpm
  psd (~> 2.0.0)
  shotgun
  sinatra
  thin
